GEM
  remote: https://rubygems.org/
  specs:
    crass (1.0.6)
    daemons (1.4.0)
    erubis (2.7.0)
    eventmachine (1.2.7)
    mustermann (1.1.1)
      ruby2_keywords (~> 0.0.1)
    nokogiri (1.13.4-x86_64-darwin)
      racc (~> 1.4)
    nokogiri (1.13.4-x86_64-linux)
      racc (~> 1.4)
    racc (1.6.0)
    rack (2.2.3)
    rack-protection (2.1.0)
      rack
    ruby2_keywords (0.0.5)
    sanitize (6.0.0)
      crass (~> 1.0.2)
      nokogiri (>= 1.12.0)
    sinatra (2.1.0)
      mustermann (~> 1.0)
      rack (~> 2.2)
      rack-protection (= 2.1.0)
      tilt (~> 2.0)
    thin (1.8.1)
      daemons (~> 1.0, >= 1.0.9)
      eventmachine (~> 1.0, >= 1.0.4)
      rack (>= 1, < 3)
    tilt (2.0.10)

PLATFORMS
  x86_64-darwin-20
  x86_64-linux

DEPENDENCIES
  erubis (~> 2.7.0)
  sanitize (~> 6.0.0)
  sinatra (~> 2.1.0)
  thin (~> 1.8.1)

RUBY VERSION
   ruby 3.0.2p107

BUNDLED WITH
   2.2.22
