GEM
  remote: https://rubygems.org/
  specs:
    crass (1.0.6)
    daemons (1.4.1)
    erubis (2.7.0)
    eventmachine (1.2.7)
    mustermann (2.0.2)
      ruby2_keywords (~> 0.0.1)
    nokogiri (1.18.3-arm64-darwin)
      racc (~> 1.4)
    nokogiri (1.18.3-x86_64-linux-gnu)
      racc (~> 1.4)
    racc (1.8.1)
    rack (2.2.12)
    rack-protection (2.2.4)
      rack
    ruby2_keywords (0.0.5)
    sanitize (7.0.0)
      crass (~> 1.0.2)
      nokogiri (>= 1.16.8)
    sinatra (2.2.4)
      mustermann (~> 2.0)
      rack (~> 2.2)
      rack-protection (= 2.2.4)
      tilt (~> 2.0)
    thin (1.8.2)
      daemons (~> 1.0, >= 1.0.9)
      eventmachine (~> 1.0, >= 1.0.4)
      rack (>= 1, < 3)
    tilt (2.2.0)

PLATFORMS
  arm64-darwin-22
  arm64-darwin-23
  arm64-darwin-24
  x86_64-linux

DEPENDENCIES
  erubis (~> 2.7.0)
  sanitize (~> 7.0.0)
  sinatra (~> 2.2.4)
  thin (~> 1.8.2)

RUBY VERSION
   ruby 3.2.0p0

BUNDLED WITH
   2.4.1
